PATH
  remote: .
  specs:
    dhl_track (0.2.2)
      faraday (~> 1.0.1)
      faraday_middleware (~> 1.0.0)
      nokogiri (>= 1.10, < 2.0)
      rash_alt (~> 0.4.8)

GEM
  remote: https://rubygems.org/
  specs:
    coderay (1.1.3)
    faraday (1.0.1)
      multipart-post (>= 1.2, < 3)
    faraday_middleware (1.0.0)
      faraday (~> 1.0)
    hashie (5.0.0)
    method_source (1.0.0)
    mini_portile2 (2.8.6)
    multipart-post (2.4.1)
    nokogiri (1.16.4)
      mini_portile2 (~> 2.8.2)
      racc (~> 1.4)
    pry (0.13.1)
      coderay (~> 1.1)
      method_source (~> 1.0)
    racc (1.7.3)
    rash_alt (0.4.12)
      hashie (>= 3.4)

PLATFORMS
  ruby

DEPENDENCIES
  dhl_track!
  pry

BUNDLED WITH
   2.1.4
